PATH
  remote: .
  specs:
    riakpb (0.3.0)
      activesupport (~> 3.0.0)
      ruby_protobuf (~> 0.4.9)
      yard (~> 0.6.4)

GEM
  remote: http://rubygems.org/
  specs:
    activesupport (3.0.3)
    diff-lcs (1.1.2)
    i18n (0.5.0)
    rspec (2.4.0)
      rspec-core (~> 2.4.0)
      rspec-expectations (~> 2.4.0)
      rspec-mocks (~> 2.4.0)
    rspec-core (2.4.0)
    rspec-expectations (2.4.0)
      diff-lcs (~> 1.1.2)
    rspec-mocks (2.4.0)
    ruby_protobuf (0.4.9)
    yard (0.6.4)

PLATFORMS
  ruby

DEPENDENCIES
  i18n (~> 0.5.0)
  riakpb!
  rspec (~> 2.4.0)
